GEM
  remote: https://rubygems.org/
  specs:
    actioncable (6.1.7.4)
      actionpack (= 6.1.7.4)
      activesupport (= 6.1.7.4)
      nio4r (~> 2.0)
      websocket-driver (>= 0.6.1)
    actionmailbox (6.1.7.4)
      actionpack (= 6.1.7.4)
      activejob (= 6.1.7.4)
      activerecord (= 6.1.7.4)
      activestorage (= 6.1.7.4)
      activesupport (= 6.1.7.4)
      mail (>= 2.7.1)
    actionmailer (6.1.7.4)
      actionpack (= 6.1.7.4)
      actionview (= 6.1.7.4)
      activejob (= 6.1.7.4)
      activesupport (= 6.1.7.4)
      mail (~> 2.5, >= 2.5.4)
      rails-dom-testing (~> 2.0)
    actionpack (6.1.7.4)
      actionview (= 6.1.7.4)
      activesupport (= 6.1.7.4)
      rack (~> 2.0, >= 2.0.9)
      rack-test (>= 0.6.3)
      rails-dom-testing (~> 2.0)
      rails-html-sanitizer (~> 1.0, >= 1.2.0)
    actiontext (6.1.7.4)
      actionpack (= 6.1.7.4)
      activerecord (= 6.1.7.4)
      activestorage (= 6.1.7.4)
      activesupport (= 6.1.7.4)
      nokogiri (>= 1.8.5)
    actionview (6.1.7.4)
      activesupport (= 6.1.7.4)
      builder (~> 3.1)
      erubi (~> 1.4)
      rails-dom-testing (~> 2.0)
      rails-html-sanitizer (~> 1.1, >= 1.2.0)
    active_storage_validations (1.0.4)
      activejob (>= 5.2.0)
      activemodel (>= 5.2.0)
      activestorage (>= 5.2.0)
      activesupport (>= 5.2.0)
    activejob (6.1.7.4)
      activesupport (= 6.1.7.4)
      globalid (>= 0.3.6)
    activemodel (6.1.7.4)
      activesupport (= 6.1.7.4)
    activerecord (6.1.7.4)
      activemodel (= 6.1.7.4)
      activesupport (= 6.1.7.4)
    activestorage (6.1.7.4)
      actionpack (= 6.1.7.4)
      activejob (= 6.1.7.4)
      activerecord (= 6.1.7.4)
      activesupport (= 6.1.7.4)
      marcel (~> 1.0)
      mini_mime (>= 1.1.0)
    activesupport (6.1.7.4)
      concurrent-ruby (~> 1.0, >= 1.0.2)
      i18n (>= 1.6, < 2)
      minitest (>= 5.1)
      tzinfo (~> 2.0)
      zeitwerk (~> 2.3)
    addressable (2.8.4)
      public_suffix (>= 2.0.2, < 6.0)
    annotate (3.2.0)
      activerecord (>= 3.2, < 8.0)
      rake (>= 10.4, < 14.0)
    aws-eventstream (1.2.0)
    aws-partitions (1.785.0)
    aws-sdk-core (3.177.0)
      aws-eventstream (~> 1, >= 1.0.2)
      aws-partitions (~> 1, >= 1.651.0)
      aws-sigv4 (~> 1.5)
      jmespath (~> 1, >= 1.6.1)
    aws-sdk-kms (1.70.0)
      aws-sdk-core (~> 3, >= 3.177.0)
      aws-sigv4 (~> 1.1)
    aws-sdk-s3 (1.119.2)
      aws-sdk-core (~> 3, >= 3.165.0)
      aws-sdk-kms (~> 1)
      aws-sigv4 (~> 1.4)
    aws-sigv4 (1.6.0)
      aws-eventstream (~> 1, >= 1.0.2)
    babel-source (5.8.35)
    babel-transpiler (0.7.0)
      babel-source (>= 4.0, < 6)
      execjs (~> 2.0)
    bcrypt (3.1.19)
    better_errors (2.10.1)
      erubi (>= 1.0.0)
      rack (>= 0.9.0)
      rouge (>= 1.0.0)
    bindex (0.8.1)
    binding_of_caller (1.0.0)
      debug_inspector (>= 0.0.1)
    builder (3.2.4)
    bundler-audit (0.9.1)
      bundler (>= 1.2.0, < 3)
      thor (~> 1.0)
    byebug (11.1.3)
    capybara (3.39.2)
      addressable
      matrix
      mini_mime (>= 0.1.3)
      nokogiri (~> 1.8)
      rack (>= 1.6.0)
      rack-test (>= 0.6.3)
      regexp_parser (>= 1.5, < 3.0)
      xpath (~> 3.2)
    coderay (1.1.3)
    concurrent-ruby (1.2.2)
    connection_pool (2.4.1)
    crass (1.0.6)
    cssbundling-rails (1.1.2)
      railties (>= 6.0.0)
    debug_inspector (1.1.0)
    devise (4.9.2)
      bcrypt (~> 3.0)
      orm_adapter (~> 0.1)
      railties (>= 4.1.0)
      responders
      warden (~> 1.2.3)
    devise-i18n (1.11.0)
      devise (>= 4.9.0)
    diff-lcs (1.5.0)
    docile (1.4.0)
    erubi (1.12.0)
    execjs (2.8.1)
    factory_bot (6.2.1)
      activesupport (>= 5.0.0)
    factory_bot_rails (6.2.0)
      factory_bot (~> 6.2.0)
      railties (>= 5.0.0)
    ffi (1.15.5)
    flipper (0.26.2)
      concurrent-ruby (< 2)
    flipper-active_record (0.26.2)
      activerecord (>= 4.2, < 8)
      flipper (~> 0.26.2)
    formatador (1.1.0)
    globalid (1.1.0)
      activesupport (>= 5.0)
    guard (2.18.0)
      formatador (>= 0.2.4)
      listen (>= 2.7, < 4.0)
      lumberjack (>= 1.0.12, < 2.0)
      nenv (~> 0.1)
      notiffany (~> 0.0)
      pry (>= 0.13.0)
      shellany (~> 0.0)
      thor (>= 0.18.1)
    guard-compat (1.2.1)
    guard-rspec (4.7.3)
      guard (~> 2.1)
      guard-compat (~> 1.1)
      rspec (>= 2.99.0, < 4.0)
    i18n (1.14.1)
      concurrent-ruby (~> 1.0)
    image_processing (1.12.2)
      mini_magick (>= 4.9.5, < 5)
      ruby-vips (>= 2.0.17, < 3)
    jbuilder (2.11.5)
      actionview (>= 5.0.0)
      activesupport (>= 5.0.0)
    jmespath (1.6.2)
    listen (3.8.0)
      rb-fsevent (~> 0.10, >= 0.10.3)
      rb-inotify (~> 0.9, >= 0.9.10)
    loofah (2.21.4)
      crass (~> 1.0.2)
      nokogiri (>= 1.12.0)
    lumberjack (1.2.8)
    mail (2.7.1)
      mini_mime (>= 0.1.1)
    marcel (1.0.2)
    matrix (0.4.2)
    method_source (1.0.0)
    mini_magick (4.12.0)
    mini_mime (1.1.2)
    mini_portile2 (2.8.5)
    minitest (5.20.0)
    nenv (0.3.0)
    nio4r (2.5.9)
    nokogiri (1.15.4)
      mini_portile2 (~> 2.8.2)
      racc (~> 1.4)
    notiffany (0.1.3)
      nenv (~> 0.1)
      shellany (~> 0.0)
    orm_adapter (0.5.0)
    pg (1.5.3)
    pry (0.14.2)
      coderay (~> 1.1)
      method_source (~> 1.0)
    pry-rails (0.3.9)
      pry (>= 0.10.4)
    public_suffix (5.0.3)
    puma (6.3.0)
      nio4r (~> 2.0)
    pundit (2.3.0)
      activesupport (>= 3.0.0)
    racc (1.7.1)
    rack (2.2.8)
    rack-cors (1.1.1)
      rack (>= 2.0.0)
    rack-proxy (0.7.7)
      rack
    rack-test (2.1.0)
      rack (>= 1.3)
    rails (6.1.7.4)
      actioncable (= 6.1.7.4)
      actionmailbox (= 6.1.7.4)
      actionmailer (= 6.1.7.4)
      actionpack (= 6.1.7.4)
      actiontext (= 6.1.7.4)
      actionview (= 6.1.7.4)
      activejob (= 6.1.7.4)
      activemodel (= 6.1.7.4)
      activerecord (= 6.1.7.4)
      activestorage (= 6.1.7.4)
      activesupport (= 6.1.7.4)
      bundler (>= 1.15.0)
      railties (= 6.1.7.4)
      sprockets-rails (>= 2.0.0)
    rails-dom-testing (2.2.0)
      activesupport (>= 5.0.0)
      minitest
      nokogiri (>= 1.6)
    rails-html-sanitizer (1.6.0)
      loofah (~> 2.21)
      nokogiri (~> 1.14)
    rails-i18n (7.0.7)
      i18n (>= 0.7, < 2)
      railties (>= 6.0.0, < 8)
    railties (6.1.7.4)
      actionpack (= 6.1.7.4)
      activesupport (= 6.1.7.4)
      method_source
      rake (>= 12.2)
      thor (~> 1.0)
    rake (13.1.0)
    rb-fsevent (0.11.2)
    rb-inotify (0.10.1)
      ffi (~> 1.0)
    react-rails (2.6.2)
      babel-transpiler (>= 0.7.0)
      connection_pool
      execjs
      railties (>= 3.2)
      tilt
    regexp_parser (2.8.1)
    responders (3.1.0)
      actionpack (>= 5.2)
      railties (>= 5.2)
    rexml (3.2.5)
    rgeo (2.4.0)
    rgeo-geojson (2.1.1)
      rgeo (>= 1.0.0)
    rouge (4.1.2)
    rspec (3.12.0)
      rspec-core (~> 3.12.0)
      rspec-expectations (~> 3.12.0)
      rspec-mocks (~> 3.12.0)
    rspec-core (3.12.2)
      rspec-support (~> 3.12.0)
    rspec-expectations (3.12.3)
      diff-lcs (>= 1.2.0, < 2.0)
      rspec-support (~> 3.12.0)
    rspec-mocks (3.12.5)
      diff-lcs (>= 1.2.0, < 2.0)
      rspec-support (~> 3.12.0)
    rspec-rails (6.0.3)
      actionpack (>= 6.1)
      activesupport (>= 6.1)
      railties (>= 6.1)
      rspec-core (~> 3.12)
      rspec-expectations (~> 3.12)
      rspec-mocks (~> 3.12)
      rspec-support (~> 3.12)
    rspec-support (3.12.1)
    ruby-vips (2.1.4)
      ffi (~> 1.12)
    rubyzip (2.3.2)
    selenium-webdriver (4.9.0)
      rexml (~> 3.2, >= 3.2.5)
      rubyzip (>= 1.2.2, < 3.0)
      websocket (~> 1.0)
    semantic_range (3.0.0)
    shakapacker (7.1.0)
      activesupport (>= 5.2)
      rack-proxy (>= 0.6.1)
      railties (>= 5.2)
      semantic_range (>= 2.3.0)
    shellany (0.0.1)
    shoulda-matchers (5.3.0)
      activesupport (>= 5.2.0)
    simplecov (0.22.0)
      docile (~> 1.1)
      simplecov-html (~> 0.11)
      simplecov_json_formatter (~> 0.1)
    simplecov-html (0.12.3)
    simplecov_json_formatter (0.1.4)
    sprockets (4.2.0)
      concurrent-ruby (~> 1.0)
      rack (>= 2.2.4, < 4)
    sprockets-rails (3.4.2)
      actionpack (>= 5.2)
      activesupport (>= 5.2)
      sprockets (>= 3.0.0)
    terser (1.1.16)
      execjs (>= 0.3.0, < 3)
    thor (1.3.0)
    tilt (2.2.0)
    tzinfo (2.0.6)
      concurrent-ruby (~> 1.0)
    warden (1.2.9)
      rack (>= 2.0.9)
    web-console (4.2.0)
      actionview (>= 6.0.0)
      activemodel (>= 6.0.0)
      bindex (>= 0.4.0)
      railties (>= 6.0.0)
    webdrivers (5.2.0)
      nokogiri (~> 1.6)
      rubyzip (>= 1.3.0)
      selenium-webdriver (~> 4.0)
    websocket (1.2.9)
    websocket-driver (0.7.5)
      websocket-extensions (>= 0.1.0)
    websocket-extensions (0.1.5)
    xpath (3.2.0)
      nokogiri (~> 1.8)
    zeitwerk (2.6.12)

PLATFORMS
  ruby

DEPENDENCIES
  active_storage_validations (~> 1.0)
  annotate
  aws-sdk-s3 (~> 1.119.0)
  better_errors
  binding_of_caller
  bundler-audit
  byebug
  capybara (>= 2.15, < 4.0)
  cssbundling-rails (~> 1.1.2)
  devise (~> 4.9.0)
  devise-i18n (~> 1.11.0)
  factory_bot_rails
  flipper (~> 0.26.0)
  flipper-active_record (~> 0.26.0)
  guard-rspec
  image_processing (~> 1.12.2)
  jbuilder (~> 2.5)
  listen
  mail (= 2.7.1)
  pg (>= 0.18, < 2.0)
  pry-rails
  puma (< 7)
  pundit (~> 2.3.0)
  rack-cors
  rails (~> 6.1.0)
  rails-i18n (~> 7.0.3)
  react-rails (~> 2.6.2)
  rgeo (~> 2.4.0)
  rgeo-geojson (~> 2.1.1)
  rspec-rails
  selenium-webdriver
  shakapacker (~> 7.1)
  shoulda-matchers
  simplecov
  terser (~> 1.1.8)
  tzinfo-data
  web-console (>= 3.3.0)
  webdrivers

RUBY VERSION
   ruby 2.7.8p225

BUNDLED WITH
   2.4.7
